GEM
  remote: https://rubygems.org/
  specs:
    fast_jsonparser (0.5.0)
    redis (4.6.0)

PLATFORMS
  ruby

DEPENDENCIES
  fast_jsonparser
  redis

RUBY VERSION
   ruby 2.7.1p83

BUNDLED WITH
   2.1.4
