GEM
  remote: https://rubygems.org/
  specs:
    redis (4.6.0)

PLATFORMS
  ruby

DEPENDENCIES
  redis

RUBY VERSION
   ruby 2.7.1p83

BUNDLED WITH
   2.1.4
